GIT
  remote: git://github.com/alexandru/stuff-classifier.git
  revision: 23bce7ed6780930c7e50c801c4f6e6a3be12a02f
  specs:
    stuff-classifier (0.5)
      redis
      ruby-stemmer
      sequel

GIT
  remote: git://github.com/radar/by_star
  revision: d972c500b235196e6c512ce24440bd5857839bf5
  specs:
    by_star (2.2.1)
      activesupport

GIT
  remote: git@github.com:bmabey/database_cleaner.git
  revision: 8d7f72ffc99befd5ce67d333a99e0cf054c24f81
  specs:
    database_cleaner (1.3.0)

GEM
  remote: https://rubygems.org/
  specs:
    actionmailer (4.1.4)
      actionpack (= 4.1.4)
      actionview (= 4.1.4)
      mail (~> 2.5.4)
    actionpack (4.1.4)
      actionview (= 4.1.4)
      activesupport (= 4.1.4)
      rack (~> 1.5.2)
      rack-test (~> 0.6.2)
    actionview (4.1.4)
      activesupport (= 4.1.4)
      builder (~> 3.1)
      erubis (~> 2.7.0)
    activemodel (4.1.4)
      activesupport (= 4.1.4)
      builder (~> 3.1)
    activerecord (4.1.4)
      activemodel (= 4.1.4)
      activesupport (= 4.1.4)
      arel (~> 5.0.0)
    activesupport (4.1.4)
      i18n (~> 0.6, >= 0.6.9)
      json (~> 1.7, >= 1.7.7)
      minitest (~> 5.1)
      thread_safe (~> 0.1)
      tzinfo (~> 1.1)
    addressable (2.3.6)
    aggregate (0.2.2)
    annotate (2.6.5)
      activerecord (>= 2.3.0)
      rake (>= 0.8.7)
    arel (5.0.1.20140414130214)
    autoprefixer-rails (2.2.0.20140804)
      execjs
    awesome_print (1.2.0)
    bcrypt (3.1.7)
    better_errors (1.1.0)
      coderay (>= 1.0.0)
      erubis (>= 2.6.6)
    binding_of_caller (0.7.2)
      debug_inspector (>= 0.0.1)
    bootstrap-sass (3.3.0.1)
      sass (~> 3.2)
    buftok (0.2.0)
    builder (3.2.2)
    bullet (4.14.2)
      activesupport (>= 3.0.0)
      uniform_notifier (>= 1.6.0)
    capybara (2.4.1)
      mime-types (>= 1.16)
      nokogiri (>= 1.3.3)
      rack (>= 1.0.0)
      rack-test (>= 0.5.4)
      xpath (~> 2.0)
    capybara-screenshot (1.0.7)
      capybara (>= 1.0, < 3)
      launchy
    childprocess (0.5.5)
      ffi (~> 1.0, >= 1.0.11)
    code_analyzer (0.4.5)
      sexp_processor
    coderay (1.1.0)
    coffee-rails (4.0.1)
      coffee-script (>= 2.2.0)
      railties (>= 4.0.0, < 5.0)
    coffee-script (2.2.0)
      coffee-script-source
      execjs
    coffee-script-source (1.7.0)
    colored (1.2)
    debug_inspector (0.0.2)
    delayed_job (4.0.4)
      activesupport (>= 3.0, < 4.2)
    delayed_job_active_record (4.0.2)
      activerecord (>= 3.0, < 4.2)
      delayed_job (>= 3.0, < 4.1)
    devise (3.2.4)
      bcrypt (~> 3.0)
      orm_adapter (~> 0.1)
      railties (>= 3.2.6, < 5)
      thread_safe (~> 0.1)
      warden (~> 1.2.3)
    devise_invitable (1.4.0)
      actionmailer (>= 3.2.6, < 5)
      devise (>= 3.2.0)
    diff-lcs (1.2.5)
    dotiw (2.0)
      actionpack (>= 3)
      i18n
    equalizer (0.0.9)
    erubis (2.7.0)
    execjs (2.2.1)
    factory_girl (4.4.0)
      activesupport (>= 3.0.0)
    factory_girl_rails (4.4.1)
      factory_girl (~> 4.4.0)
      railties (>= 3.0.0)
    faker (1.4.2)
      i18n (~> 0.5)
    faraday (0.9.0)
      multipart-post (>= 1.2, < 3)
    ffi (1.9.6)
    figaro (0.7.0)
      bundler (~> 1.0)
      rails (>= 3, < 5)
    gender_detector (0.1.2)
      unicode_utils (>= 1.3.0)
    geocoder (1.2.6)
    gon (5.2.0)
      actionpack (>= 2.3.0)
      json
      multi_json
      request_store (>= 1.0.5)
    hashie (3.2.0)
    hike (1.2.3)
    honeybadger (1.16.3)
      json
    http (0.6.2)
      http_parser.rb (~> 0.6.0)
    http_parser.rb (0.6.0)
    hublot (0.0.6)
      rails (> 3.0.0)
    human_date (0.0.3)
    i18n (0.6.9)
    informant-rails (0.8.0)
      rails (>= 3.0.0, < 4.3.0)
    jbuilder (2.1.1)
      activesupport (>= 3.0.0, < 5)
      multi_json (~> 1.2)
    jquery-rails (3.1.1)
      railties (>= 3.0, < 5.0)
      thor (>= 0.14, < 2.0)
    json (1.8.1)
    kgio (2.9.2)
    launchy (2.4.3)
      addressable (~> 2.3)
    letter_opener (1.3.0)
      launchy (~> 2.2)
    librato-metrics (1.5.0)
      aggregate (~> 0.2.2)
      faraday (~> 0.7)
      multi_json
    librato-rack (0.4.5)
      librato-metrics (~> 1.1)
    librato-rails (0.11.1)
      activesupport (>= 3.0)
      librato-rack (~> 0.4.2)
      railties (>= 3.0)
    libv8 (3.16.14.3)
    mail (2.5.4)
      mime-types (~> 1.16)
      treetop (~> 1.4.8)
    memoizable (0.4.2)
      thread_safe (~> 0.3, >= 0.3.1)
    mime-types (1.25.1)
    mini_portile (0.6.0)
    minitest (5.3.5)
    multi_json (1.10.1)
    multipart-post (2.0.0)
    naught (1.0.0)
    newrelic_rpm (3.9.9.275)
    nokogiri (1.6.2.1)
      mini_portile (= 0.6.0)
    oauth (0.4.7)
    omniauth (1.2.2)
      hashie (>= 1.2, < 4)
      rack (~> 1.0)
    omniauth-oauth (1.0.1)
      oauth
      omniauth (~> 1.0)
    omniauth-twitter (1.0.1)
      multi_json (~> 1.3)
      omniauth-oauth (~> 1.0)
    orm_adapter (0.5.0)
    pg (0.17.1)
    polyglot (0.3.5)
    quiet_assets (1.1.0)
      railties (>= 3.1, < 5.0)
    rack (1.5.2)
    rack-mini-profiler (0.9.2)
      rack (>= 1.1.3)
    rack-test (0.6.2)
      rack (>= 1.0)
    rails (4.1.4)
      actionmailer (= 4.1.4)
      actionpack (= 4.1.4)
      actionview (= 4.1.4)
      activemodel (= 4.1.4)
      activerecord (= 4.1.4)
      activesupport (= 4.1.4)
      bundler (>= 1.3.0, < 2.0)
      railties (= 4.1.4)
      sprockets-rails (~> 2.0)
    rails_12factor (0.0.2)
      rails_serve_static_assets
      rails_stdout_logging
    rails_autolink (1.1.6)
      rails (> 3.1)
    rails_best_practices (1.15.7)
      activesupport
      code_analyzer (>= 0.4.3)
      colored
      erubis
      i18n
      json
      require_all
      ruby-progressbar
    rails_serve_static_assets (0.0.2)
    rails_stdout_logging (0.0.3)
    railties (4.1.4)
      actionpack (= 4.1.4)
      activesupport (= 4.1.4)
      rake (>= 0.8.7)
      thor (>= 0.18.1, < 2.0)
    rainbow (2.0.0)
    raindrops (0.13.0)
    rake (10.3.2)
    rdoc (4.1.1)
      json (~> 1.4)
    redis (3.2.1)
    reek (1.3.8)
      rainbow (>= 1.99, < 3.0)
      ruby2ruby (>= 2.0.8, < 3.0)
      ruby_parser (~> 3.3)
      sexp_processor
    ref (1.0.5)
    request_store (1.1.0)
    require_all (1.3.2)
    rspec-core (3.0.4)
      rspec-support (~> 3.0.0)
    rspec-expectations (3.0.4)
      diff-lcs (>= 1.2.0, < 2.0)
      rspec-support (~> 3.0.0)
    rspec-mocks (3.0.4)
      rspec-support (~> 3.0.0)
    rspec-rails (3.0.2)
      actionpack (>= 3.0)
      activesupport (>= 3.0)
      railties (>= 3.0)
      rspec-core (~> 3.0.0)
      rspec-expectations (~> 3.0.0)
      rspec-mocks (~> 3.0.0)
      rspec-support (~> 3.0.0)
    rspec-support (3.0.4)
    ruby-progressbar (1.7.5)
    ruby-stemmer (0.9.6)
    ruby2ruby (2.1.3)
      ruby_parser (~> 3.1)
      sexp_processor (~> 4.0)
    ruby_parser (3.6.3)
      sexp_processor (~> 4.1)
    rubyzip (1.1.6)
    sass (3.2.19)
    sass-rails (4.0.3)
      railties (>= 4.0.0, < 5.0)
      sass (~> 3.2.0)
      sprockets (~> 2.8, <= 2.11.0)
      sprockets-rails (~> 2.0)
    sdoc (0.4.0)
      json (~> 1.8)
      rdoc (~> 4.0, < 5.0)
    selenium-webdriver (2.44.0)
      childprocess (~> 0.5)
      multi_json (~> 1.0)
      rubyzip (~> 1.0)
      websocket (~> 1.0)
    sequel (4.21.0)
    sexp_processor (4.4.4)
    shoulda-matchers (2.6.2)
      activesupport (>= 3.0.0)
    simple_oauth (0.2.0)
    spring (1.1.3)
    sprockets (2.11.0)
      hike (~> 1.2)
      multi_json (~> 1.0)
      rack (~> 1.0)
      tilt (~> 1.1, != 1.3.0)
    sprockets-rails (2.1.3)
      actionpack (>= 3.0)
      activesupport (>= 3.0)
      sprockets (~> 2.8)
    therubyracer (0.12.1)
      libv8 (~> 3.16.14.0)
      ref
    thor (0.19.1)
    thread_safe (0.3.4)
    tilt (1.4.1)
    traceroute (0.4.0)
      rails (>= 3.0.0)
    treetop (1.4.15)
      polyglot
      polyglot (>= 0.3.1)
    turbolinks (2.2.2)
      coffee-rails
    twitter (5.11.0)
      addressable (~> 2.3)
      buftok (~> 0.2.0)
      equalizer (~> 0.0.9)
      faraday (~> 0.9.0)
      http (~> 0.6.0)
      http_parser.rb (~> 0.6.0)
      json (~> 1.8)
      memoizable (~> 0.4.0)
      naught (~> 1.0)
      simple_oauth (~> 0.2.0)
    tzinfo (1.2.1)
      thread_safe (~> 0.1)
    uglifier (2.5.1)
      execjs (>= 0.3.0)
      json (>= 1.8.0)
    unicode_utils (1.4.0)
    unicorn (4.8.3)
      kgio (~> 2.6)
      rack
      raindrops (~> 0.7)
    uniform_notifier (1.6.2)
    warden (1.2.3)
      rack (>= 1.0)
    websocket (1.2.1)
    will_paginate (3.0.7)
    xpath (2.0.0)
      nokogiri (~> 1.3)

PLATFORMS
  ruby

DEPENDENCIES
  annotate
  autoprefixer-rails
  awesome_print
  better_errors
  binding_of_caller
  bootstrap-sass (~> 3.3.0)
  bullet
  by_star!
  capybara
  capybara-screenshot
  database_cleaner!
  delayed_job_active_record
  devise
  devise_invitable
  dotiw
  factory_girl_rails
  faker
  figaro
  gender_detector
  geocoder
  gon
  honeybadger
  hublot (~> 0.0.6)
  human_date
  informant-rails
  jbuilder (~> 2.0)
  jquery-rails
  letter_opener
  librato-rails
  newrelic_rpm
  omniauth
  omniauth-twitter
  pg
  quiet_assets
  rack-mini-profiler
  rails (= 4.1.4)
  rails_12factor
  rails_autolink
  rails_best_practices
  reek
  rspec-rails (~> 3.0.0)
  sass-rails (~> 4.0.3)
  sdoc (~> 0.4.0)
  selenium-webdriver
  shoulda-matchers
  spring
  stuff-classifier!
  therubyracer
  traceroute
  turbolinks
  twitter
  uglifier (>= 1.3.0)
  unicorn
  will_paginate (~> 3.0.6)
